GIT
  remote: http://github.com/nfelger/rype
  revision: 0b482ce817f6147b9e2338957f0efdde2753e8cb
  specs:
    rype (0.0.4)
      ruby-dbus (>= 0.6)

GEM
  remote: http://rubygems.org/
  specs:
    activesupport (3.2.2)
      i18n (~> 0.6)
      multi_json (~> 1.0)
    addressable (2.2.7)
    fakefs (0.4.0)
    faraday (0.7.6)
      addressable (~> 2.2)
      multipart-post (~> 1.1)
      rack (~> 1.1)
    faster_xml_simple (0.5.0)
      libxml-ruby (>= 0.3.8.4)
    i18n (0.6.0)
    libxml-ruby (2.2.2)
    metaclass (0.0.1)
    mime-types (1.18)
    mocha (0.10.5)
      metaclass (~> 0.0.1)
    multi_json (1.1.0)
    multipart-post (1.1.5)
    nokogiri (1.5.0)
    rack (1.4.1)
    ruby-dbus (0.7.0)
    simple_oauth (0.1.5)
    twitter (2.1.0)
      activesupport (>= 2.3.9, < 4)
      faraday (~> 0.7)
      multi_json (~> 1.0)
      simple_oauth (~> 0.1)
    typhoeus (0.3.3)
      mime-types

PLATFORMS
  ruby

DEPENDENCIES
  fakefs
  faster_xml_simple
  mocha
  nokogiri
  rype!
  twitter
  typhoeus
